{"Manufacturer": "Philips", "PatientPosition": "HFS", "SeriesDescription": "", "ProtocolName": "rt-me-fMRI", "SeriesNumber": 8, "AcquisitionNumber": 8, "ImageComments": "", "PhilipsRescaleSlope": 0.74286, "PhilipsRescaleIntercept": 0, "PhilipsScaleSlope": 0.00206901, "UsePhilipsFloatNotDisplayScaling": 1, "EchoNumber": 1, "EchoTime": 0.014, "RepetitionTime": 2.00517, "ReconMatrixPE": 64, "ImageOrientationPatientDICOM": [0.985285, -0.146867, 0.0874271, 0.16435, 0.954544, -0.248666], "ConversionSoftware": "dcm2niix", "ConversionSoftwareVersion": "v1.0.20190410  Clang9.0.0", "BidsifyVersion": "0.3.7", "MagneticFieldStrength": 3, "ParallelAcquisitionTechnique": "SENSE", "BIDSVersion": "1.1.0", "InstitutionName": "", "TaskName": "emotionProcessingImagined", "SliceTiming": [0.0, 0.0588, 0.1176, 0.1765, 0.2353, 0.2941, 0.3529, 0.4118, 0.4706, 0.5294, 0.5882, 0.6471, 0.7059, 0.7647, 0.8235, 0.8824, 0.9412, 1.0, 1.0588, 1.1176, 1.1765, 1.2353, 1.2941, 1.3529, 1.4118, 1.4706, 1.5294, 1.5882, 1.6471, 1.7059, 1.7647, 1.8235, 1.8824, 1.9412]}